GEM
  remote: http://rubygems.org/
  specs:
    actionmailer (2.3.14)
      actionpack (= 2.3.14)
    actionpack (2.3.14)
      activesupport (= 2.3.14)
      rack (~> 1.1.0)
    active_hash (0.9.6)
      activesupport (>= 2.2.2)
    activerecord (2.3.14)
      activesupport (= 2.3.14)
    activerecord-sqlserver-adapter (2.3.20)
      activerecord (~> 2.2)
    activeresource (2.3.14)
      activesupport (= 2.3.14)
    activesupport (2.3.14)
    addressable (2.2.6)
    airbrake (3.0.3)
      activesupport
      builder
    annotate (2.4.0)
    authlogic (2.1.6)
      activesupport
    builder (3.0.0)
    cocaine (0.2.0)
    columnize (0.3.4)
    composite_primary_keys (2.3.5.1)
      activerecord (>= 2.3.5)
    daemons (1.1.4)
    declarative_authorization (0.4)
      rails (>= 2.1.0)
    delayed_job (2.0.3)
      daemons
    factory_girl (1.2.3)
    formtastic (0.9.10)
      actionpack (>= 2.3.0)
      activesupport (>= 2.3.0)
    lighthouse-api (1.1.0)
      activeresource (>= 2.1.0)
      activesupport (>= 2.1.0)
    linecache (0.46)
      rbx-require-relative (> 0.0.4)
    mime-types (1.16)
    mysql (2.8.1)
    paperclip (2.4.1)
      activerecord (>= 2.3.0)
      activesupport (>= 2.3.2)
      cocaine (>= 0.0.2)
      mime-types
    rack (1.1.2)
    rails (2.3.14)
      actionmailer (= 2.3.14)
      actionpack (= 2.3.14)
      activerecord (= 2.3.14)
      activeresource (= 2.3.14)
      activesupport (= 2.3.14)
      rake (>= 0.8.3)
    rake (0.9.2)
    rbx-require-relative (0.0.5)
    ruby-debug (0.10.4)
      columnize (>= 0.1)
      ruby-debug-base (~> 0.10.4.0)
    ruby-debug-base (0.10.4)
      linecache (>= 0.3)
    ruby-ole (1.2.11.2)
    spreadsheet (0.6.5.2)
      ruby-ole (>= 1.0)
    tiny_tds (0.4.5)
    transactional-factories (0.5.0)
      activerecord (>= 2.3.2)
      activesupport (>= 2.3.2)
    userstamp (2.0.1)
    will_paginate (2.3.12)

PLATFORMS
  ruby

DEPENDENCIES
  active_hash
  activerecord-sqlserver-adapter (= 2.3.20)
  addressable (= 2.2.6)
  airbrake
  annotate
  authlogic (= 2.1.6)
  composite_primary_keys (= 2.3.5.1)
  declarative_authorization (= 0.4)
  delayed_job (= 2.0.3)
  factory_girl (= 1.2.3)
  formtastic (= 0.9.10)
  lighthouse-api (= 1.1.0)
  mysql (= 2.8.1)
  paperclip (= 2.4.1)
  rails (= 2.3.14)
  ruby-debug
  ruby-debug-base
  spreadsheet (= 0.6.5.2)
  tiny_tds
  transactional-factories (= 0.5.0)
  userstamp (= 2.0.1)
  will_paginate (= 2.3.12)
