GIT
  remote: git://github.com/ctran/annotate_models.git
  revision: ff1131daee8c03dbcc4966b7914b77a7e3a62f02
  specs:
    annotate (2.4.1.beta1)

PATH
  remote: ../doogle
  specs:
    doogle (1.0.3)
      acts_as_list
      aws-sdk (~> 1.3.4)
      rails (~> 3.1.3)

GEM
  remote: http://rubygems.org/
  specs:
    actionmailer (3.1.3)
      actionpack (= 3.1.3)
      mail (~> 2.3.0)
    actionpack (3.1.3)
      activemodel (= 3.1.3)
      activesupport (= 3.1.3)
      builder (~> 3.0.0)
      erubis (~> 2.7.0)
      i18n (~> 0.6)
      rack (~> 1.3.5)
      rack-cache (~> 1.1)
      rack-mount (~> 0.8.2)
      rack-test (~> 0.6.1)
      sprockets (~> 2.0.3)
    active_hash (0.9.9)
      activesupport (>= 2.2.2)
    activemodel (3.1.3)
      activesupport (= 3.1.3)
      builder (~> 3.0.0)
      i18n (~> 0.6)
    activerecord (3.1.3)
      activemodel (= 3.1.3)
      activesupport (= 3.1.3)
      arel (~> 2.2.1)
      tzinfo (~> 0.3.29)
    activerecord-sqlserver-adapter (3.1.5)
      activerecord (~> 3.1.0)
    activeresource (3.1.3)
      activemodel (= 3.1.3)
      activesupport (= 3.1.3)
    activesupport (3.1.3)
      multi_json (~> 1.0)
    acts_as_list (0.1.6)
    addressable (2.2.6)
    airbrake (3.0.9)
      activesupport
      builder
    amatch (0.2.10)
      tins (~> 0.3)
    arel (2.2.3)
    authlogic (3.1.0)
      activerecord (>= 3.0.7)
      activerecord (>= 3.0.7)
    aws-sdk (1.3.4)
      httparty (~> 0.7)
      json (~> 1.4)
      nokogiri (>= 1.4.4)
      uuidtools (~> 2.1)
    builder (3.0.0)
    cgi_multipart_eof_fix (2.5.0)
    cocaine (0.2.1)
    columnize (0.3.6)
    daemons (1.1.8)
    declarative_authorization (0.5.5)
    delayed_job (3.0.2)
      activesupport (~> 3.0)
    delayed_job_active_record (0.3.2)
      activerecord (> 2.1.0)
      delayed_job (~> 3.0.0)
    erubis (2.7.0)
    factory_girl (2.5.1)
      activesupport
    fastthread (1.0.7)
    formtastic (2.0.2)
      rails (~> 3.0)
    gem_plugin (0.2.3)
    hike (1.2.1)
    hominid (3.0.4)
    httparty (0.8.1)
      multi_json
      multi_xml
    i18n (0.6.0)
    jquery-rails (1.0.19)
      railties (~> 3.0)
      thor (~> 0.14)
    json (1.6.6)
    lighthouse-api (2.0)
      activeresource (>= 3.0.0)
      activesupport (>= 3.0.0)
    linecache (0.46)
      rbx-require-relative (> 0.0.4)
    mail (2.3.3)
      i18n (>= 0.4.0)
      mime-types (~> 1.16)
      treetop (~> 1.4.8)
    mime-types (1.18)
    mongrel (1.1.5)
      cgi_multipart_eof_fix (>= 2.4)
      daemons (>= 1.0.3)
      fastthread (>= 1.0.1)
      gem_plugin (>= 0.2.3)
    multi_json (1.2.0)
    multi_xml (0.4.2)
    mysql (2.8.1)
    nokogiri (1.5.2)
    paperclip (2.7.0)
      activerecord (>= 2.3.0)
      activesupport (>= 2.3.2)
      cocaine (>= 0.0.2)
      mime-types
    polyglot (0.3.3)
    rack (1.3.6)
    rack-cache (1.2)
      rack (>= 0.4)
    rack-mount (0.8.3)
      rack (>= 1.0.0)
    rack-ssl (1.3.2)
      rack
    rack-test (0.6.1)
      rack (>= 1.0)
    rails (3.1.3)
      actionmailer (= 3.1.3)
      actionpack (= 3.1.3)
      activerecord (= 3.1.3)
      activeresource (= 3.1.3)
      activesupport (= 3.1.3)
      bundler (~> 1.0)
      railties (= 3.1.3)
    railties (3.1.3)
      actionpack (= 3.1.3)
      activesupport (= 3.1.3)
      rack-ssl (~> 1.3.2)
      rake (>= 0.8.7)
      rdoc (~> 3.4)
      thor (~> 0.14.6)
    rake (0.9.2.2)
    rbx-require-relative (0.0.9)
    rdoc (3.12)
      json (~> 1.4)
    ruby-debug (0.10.4)
      columnize (>= 0.1)
      ruby-debug-base (~> 0.10.4.0)
    ruby-debug-base (0.10.4)
      linecache (>= 0.3)
    ruby-ole (1.2.11.3)
    spreadsheet (0.6.8)
      ruby-ole (>= 1.0)
    sprockets (2.0.3)
      hike (~> 1.2)
      rack (~> 1.0)
      tilt (!= 1.3.0, ~> 1.1)
    thor (0.14.6)
    tilt (1.3.3)
    tins (0.3.12)
    tiny_tds (0.5.1)
    transactional-factories (0.5.0)
      activerecord (>= 2.3.2)
      activesupport (>= 2.3.2)
    treetop (1.4.10)
      polyglot
      polyglot (>= 0.3.1)
    tzinfo (0.3.32)
    uuidtools (2.1.2)
    will_paginate (3.0.3)

PLATFORMS
  ruby

DEPENDENCIES
  active_hash
  activerecord-sqlserver-adapter (= 3.1.5)
  acts_as_list (= 0.1.6)
  addressable (= 2.2.6)
  airbrake (= 3.0.9)
  amatch
  annotate!
  authlogic (= 3.1.0)
  aws-sdk (= 1.3.4)
  daemons (= 1.1.8)
  declarative_authorization (= 0.5.5)
  delayed_job_active_record (~> 0.3.2)
  doogle!
  factory_girl (= 2.5.1)
  formtastic (= 2.0.2)
  hominid
  jquery-rails
  json
  lighthouse-api (= 2.0)
  mongrel
  mysql (= 2.8.1)
  paperclip (= 2.7.0)
  rails (= 3.1.3)
  ruby-debug
  ruby-debug-base
  spreadsheet (= 0.6.8)
  tiny_tds (= 0.5.1)
  transactional-factories (= 0.5.0)
  will_paginate (= 3.0.3)
